GEM
  remote: https://rubygems.org/
  specs:
    ast (2.3.0)
    erubis (2.7.0)
    parallel (1.12.0)
    parser (2.4.0.0)
      ast (~> 2.2)
    powerpack (0.1.1)
    rainbow (2.2.2)
      rake
    rake (12.1.0)
    rubocop (0.50.0)
      parallel (~> 1.10)
      parser (>= 2.3.3.1, < 3.0)
      powerpack (~> 0.1)
      rainbow (>= 2.2.2, < 3.0)
      ruby-progressbar (~> 1.7)
      unicode-display_width (~> 1.0, >= 1.0.1)
    rubocop-rspec (1.17.1)
      rubocop (>= 0.50.0)
    ruby-progressbar (1.8.3)
    thor (0.20.0)
    tmuxinator (0.10.0)
      erubis (~> 2.6)
      thor (~> 0.19, >= 0.15.0)
      xdg (~> 2.2, >= 2.2.3)
    unicode-display_width (1.3.0)
    xdg (2.2.3)

PLATFORMS
  ruby

DEPENDENCIES
  rubocop
  rubocop-rspec
  tmuxinator

BUNDLED WITH
   1.12.5
